GEM
  remote: https://rubygems.org/
  specs:
    ProMotion (2.0.0.rc4)
      methadone (~> 1.4)
    dbt (1.1.5)
    methadone (1.4.0)
      bundler
    motion-kit (0.10.8)
      dbt (~> 1.1.5)
    motion-kit-events (0.2.1)
      dbt
      motion-kit
    rake (10.3.2)
    sugarcube (1.7.0)

PLATFORMS
  ruby

DEPENDENCIES
  ProMotion (~> 2.0.0.rc4)
  motion-kit (~> 0.10.8)
  motion-kit-events (~> 0.2.1)
  rake
  sugarcube
